GEM
  remote: https://rubygems.org/
  specs:
    addressable (2.8.5)
      public_suffix (>= 2.0.2, < 6.0)
    backticks (1.0.5)
    base64 (0.1.1)
    childprocess (4.1.0)
    coderay (1.1.3)
    date (3.3.3)
    docker (0.4.0)
      backticks (~> 1.0.0)
    env (0.3.0)
    eqn (1.6.5)
      treetop (>= 1.2.0)
    faraday (2.7.11)
      base64
      faraday-net_http (>= 2.0, < 3.1)
      ruby2_keywords (>= 0.0.4)
    faraday-net_http (3.0.2)
    gemoji (4.1.0)
    hugging-face (0.3.4)
      faraday (>= 1.0)
    json (2.6.3)
    mail (2.8.1)
      mini_mime (>= 0.1.1)
      net-imap
      net-pop
      net-smtp
    method_source (1.0.0)
    mini_mime (1.1.5)
    net-imap (0.4.2)
      date
      net-protocol
    net-pop (0.1.2)
      net-protocol
    net-protocol (0.2.1)
      timeout
    net-smtp (0.4.0)
      net-protocol
    net-ssh (7.2.0)
    paho-mqtt (1.0.12)
    polyglot (0.3.5)
    pry (0.14.2)
      coderay (~> 1.1)
      method_source (~> 1.0)
    pstore (0.1.2)
    public_suffix (5.0.3)
    ruby2_keywords (0.0.5)
    safe_ruby (1.0.4)
      childprocess (>= 0.3.9)
    sync (0.5.0)
    taskjuggler (3.7.2)
      mail (~> 2.7, >= 2.7.1)
      term-ansicolor (~> 1.7, >= 1.7.1)
    term-ansicolor (1.7.1)
      tins (~> 1.0)
    timeout (0.4.0)
    tins (1.32.1)
      sync
    treetop (1.6.12)
      polyglot (~> 0.3)
    vlc-client (0.0.7)
    wikipedia-client (1.17.0)
      addressable (~> 2.7)

PLATFORMS
  armv7l-linux-eabihf

DEPENDENCIES
  docker
  env (~> 0.3.0)
  eqn
  gemoji
  hugging-face
  json
  net-protocol (~> 0.2.1)
  net-ssh
  paho-mqtt
  pry
  pstore
  safe_ruby
  taskjuggler (~> 3.7)
  vlc-client
  wikipedia-client

BUNDLED WITH
   2.5.0.dev
